GEM
  specs:
    chronic (0.10.2)
    httparty (0.18.1)
      mime-types (~> 3.0)
      multi_xml (>= 0.5.2)
    mime-types (3.3.1)
      mime-types-data (~> 3.2015)
    mime-types-data (3.2021.0212)
    multi_xml (0.6.0)
    paint (2.2.1)
    rake (13.0.3)
    whenever (1.0.0)
      chronic (>= 0.6.3)

PLATFORMS
  x86_64-darwin-18

DEPENDENCIES
  httparty
  paint
  rake
  whenever

BUNDLED WITH
   2.2.10
